GEM
  remote: https://rubygems.org/
  specs:
    amq-protocol (2.3.0)
    bunny (2.14.2)
      amq-protocol (~> 2.3, >= 2.3.0)
    coderay (1.1.2)
    dotenv (2.7.2)
    method_source (0.9.2)
    pg (1.1.4)
    pry (0.12.2)
      coderay (~> 1.1.0)
      method_source (~> 0.9.0)

PLATFORMS
  ruby

DEPENDENCIES
  bunny
  dotenv
  pg
  pry

BUNDLED WITH
   1.16.6
